GEM
  remote: https://rubygems.org/
  specs:
    hitimes (1.2.2)
    timers (4.0.1)
      hitimes

PLATFORMS
  ruby

DEPENDENCIES
  timers
